GEM
  remote: http://rubygems.org/
  specs:
    rubyzip (1.2.0)

PLATFORMS
  ruby

DEPENDENCIES
  rubyzip
